GEM
  remote: https://rubygems.org/
  specs:
    base64 (0.3.0)
    bigdecimal (3.2.2)
    connection_pool (2.5.3)
    dotenv (3.1.8)
    faraday (2.13.1)
      faraday-net_http (>= 2.0, < 3.5)
      json
      logger
    faraday-net_http (3.4.0)
      net-http (>= 0.5.0)
    faraday-retry (2.3.1)
      faraday (~> 2.0)
    ffi (1.17.2-aarch64-linux-gnu)
    ffi (1.17.2-aarch64-linux-musl)
    ffi (1.17.2-arm-linux-gnu)
    ffi (1.17.2-arm-linux-musl)
    ffi (1.17.2-arm64-darwin)
    ffi (1.17.2-x86-linux-gnu)
    ffi (1.17.2-x86-linux-musl)
    ffi (1.17.2-x86_64-darwin)
    ffi (1.17.2-x86_64-linux-gnu)
    ffi (1.17.2-x86_64-linux-musl)
    file-tail (1.3.0)
      tins (~> 1.0)
    gemini_craft (0.2.0)
      faraday (~> 2.7)
      faraday-retry (~> 2.2)
    json (2.12.2)
    listen (3.9.0)
      rb-fsevent (~> 0.10, >= 0.10.3)
      rb-inotify (~> 0.9, >= 0.9.10)
    logger (1.7.0)
    mustermann (3.0.3)
      ruby2_keywords (~> 0.0.1)
    net-http (0.6.0)
      uri
    openai (0.7.0)
      connection_pool
    rack (3.1.16)
    rack-protection (4.1.1)
      base64 (>= 0.1.0)
      logger (>= 1.6.0)
      rack (>= 3.0.0, < 4)
    rack-session (2.1.1)
      base64 (>= 0.1.0)
      rack (>= 3.0.0)
    rackup (2.2.1)
      rack (>= 3)
    rb-fsevent (0.11.2)
    rb-inotify (0.11.1)
      ffi (~> 1.0)
    rerun (0.14.0)
      listen (~> 3.0)
    ruby2_keywords (0.0.5)
    sinatra (4.1.1)
      logger (>= 1.6.0)
      mustermann (~> 3.0)
      rack (>= 3.0.0, < 4)
      rack-protection (= 4.1.1)
      rack-session (>= 2.0.0, < 3)
      tilt (~> 2.0)
    sqlite3 (2.7.0-aarch64-linux-gnu)
    sqlite3 (2.7.0-aarch64-linux-musl)
    sqlite3 (2.7.0-arm-linux-gnu)
    sqlite3 (2.7.0-arm-linux-musl)
    sqlite3 (2.7.0-arm64-darwin)
    sqlite3 (2.7.0-x86-linux-gnu)
    sqlite3 (2.7.0-x86-linux-musl)
    sqlite3 (2.7.0-x86_64-darwin)
    sqlite3 (2.7.0-x86_64-linux-gnu)
    sqlite3 (2.7.0-x86_64-linux-musl)
    sync (0.5.0)
    tilt (2.6.0)
    tins (1.38.0)
      bigdecimal
      sync
    uri (1.0.3)
    webrick (1.9.1)

PLATFORMS
  aarch64-linux-gnu
  aarch64-linux-musl
  arm-linux-gnu
  arm-linux-musl
  arm64-darwin
  x86-linux-gnu
  x86-linux-musl
  x86_64-darwin
  x86_64-linux-gnu
  x86_64-linux-musl

DEPENDENCIES
  dotenv
  file-tail
  gemini_craft
  openai
  rack
  rackup
  rerun
  sinatra
  sqlite3
  webrick

BUNDLED WITH
   2.6.3
